GEM
  remote: https://rubygems.org/
  specs:
    aikatsu_calendar (0.1.1)
      nokogiri
    bson (1.8.4)
    bson_ext (1.8.4)
      bson (~> 1.8.4)
    clockwork (0.5.0)
      tzinfo (~> 0.3.35)
    faraday (0.8.7)
      multipart-post (~> 1.1)
    mongo (1.8.4)
      bson (~> 1.8.4)
    multi_json (1.7.2)
    multipart-post (1.2.0)
    nokogiri (1.5.9)
    simple_oauth (0.2.0)
    twitter (4.6.2)
      faraday (~> 0.8, < 0.10)
      multi_json (~> 1.0)
      simple_oauth (~> 0.2)
    tzinfo (0.3.37)

PLATFORMS
  ruby

DEPENDENCIES
  aikatsu_calendar
  bson_ext
  clockwork
  mongo
  twitter
